GEM
  remote: http://rubygems.org/
  specs:
    activesupport (3.0.3)
    bson (1.1.2)
    bson_ext (1.1.2)
    canable (0.1.1)
    database_cleaner (0.5.2)
    diff-lcs (1.1.2)
    factory_girl (1.3.2)
    faker (0.3.1)
    gemcutter (0.6.1)
    git (1.2.5)
    i18n (0.4.2)
    jeweler (1.4.0)
      gemcutter (>= 0.1.0)
      git (>= 1.2.5)
      rubyforge (>= 2.0.0)
    jnunemaker-validatable (1.8.4)
      activesupport (>= 2.3.4)
    json_pure (1.4.6)
    mm-multi-parameter-attributes (0.1.1)
      mongo_mapper
    mongo (1.1.2)
      bson (>= 1.1.1)
    mongo_mapper (0.8.6)
      activesupport (>= 2.3.4)
      jnunemaker-validatable (~> 1.8.4)
      plucky (~> 0.3.6)
    plucky (0.3.6)
      mongo (~> 1.1)
    rake (0.8.7)
    ramdiv-mongo_mapper_acts_as_tree (0.1.2)
      mongo_mapper (>= 0.6.8)
    rspec (2.0.1)
      rspec-core (~> 2.0.1)
      rspec-expectations (~> 2.0.1)
      rspec-mocks (~> 2.0.1)
    rspec-core (2.0.1)
    rspec-expectations (2.0.1)
      diff-lcs (>= 1.1.2)
    rspec-mocks (2.0.1)
      rspec-core (~> 2.0.1)
      rspec-expectations (~> 2.0.1)
    ruby-stemmer (0.8.2)
    rubyforge (2.0.4)
      json_pure (>= 1.1.7)

PLATFORMS
  ruby

DEPENDENCIES
  bson_ext (~> 1.1.0)
  canable (~> 0.1.1)
  database_cleaner (~> 0.5.2)
  factory_girl (~> 1.3.2)
  faker (~> 0.3.1)
  i18n
  jeweler (~> 1.4.0)
  mm-multi-parameter-attributes (~> 0.1.1)
  mongo_mapper (~> 0.8.6)
  rake
  ramdiv-mongo_mapper_acts_as_tree (~> 0.1.1)
  rspec (~> 2.0.0.beta.22)
  ruby-stemmer
